{
    "Modality": "MR",
    "MagneticFieldStrength": 6.98,
    "ImagingFrequency": 297.202,
    "Manufacturer": "Siemens",
    "ManufacturersModelName": "Investigational_Device_7T",
    "InstitutionName": "Center for Information and Neural Networks",
    "InstitutionalDepartmentName": "Department",
    "InstitutionAddress": "Street StreetNo,Osaka,Osaka,JP,ZIP",
    "DeviceSerialNumber": "18972",
    "StationName": "MEDPC",
    "PatientPosition": "HFS",
    "ProcedureStepDescription": "NICT=Kida^proj_7T",
    "SoftwareVersions": "syngo MR B17",
    "MRAcquisitionType": "2D",
    "SeriesDescription": "tse",
    "ProtocolName": "T2w",
    "ScanningSequence": "SE",
    "SequenceVariant": "SK\\SP",
    "SequenceName": "*tse2d1rr9",
    "ImageType": [
        "ORIGINAL",
        "PRIMARY",
        "M",
        "ND"
    ],
    "SeriesNumber": 20,
    "AcquisitionTime": "14:20:38.770000",
    "AcquisitionNumber": 1,
    "SliceThickness": 1,
    "SpacingBetweenSlices": 2,
    "SAR": 0.142857,
    "EchoTime": 0.044,
    "RepetitionTime": 5,
    "SpoilingState": true,
    "FlipAngle": 120,
    "PartialFourier": 1,
    "BaseResolution": 320,
    "ShimSetting": [
        49,
        42,
        819,
        593,
        227,
        244,
        1244,
        189
    ],
    "TxRefAmp": 180.368,
    "PhaseResolution": 1,
    "ReceiveCoilName": "32Ch_Head_7T",
    "CoilString": "C:A32",
    "PulseSequenceDetails": "%SiemensSeq%\\tse",
    "RefLinesPE": 39,
    "CoilCombinationMethod": "Adaptive Combine",
    "MatrixCoilMode": "GRAPPA",
    "PercentPhaseFOV": 100,
    "PercentSampling": 100,
    "EchoTrainLength": 9,
    "PhaseEncodingSteps": 319,
    "AcquisitionMatrixPE": 320,
    "ReconMatrixPE": 320,
    "ParallelReductionFactorInPlane": 2,
    "PixelBandwidth": 521,
    "DwellTime": 3e-06,
    "PhaseEncodingDirection": "j-",
    "SliceTiming": [
        2.5,
        0,
        2.71875,
        0.20312,
        2.92188,
        0.40625,
        3.125,
        0.625,
        3.34375,
        0.82812,
        3.54688,
        1.04688,
        3.76562,
        1.25,
        3.96875,
        1.45312,
        4.17188,
        1.67188,
        4.39062,
        1.875,
        4.59375,
        2.09375,
        4.79688,
        2.29688
    ],
    "ImageOrientationPatientDICOM": [
        0.999928,
        0.00583607,
        0.0105077,
        -1.18794e-08,
        0.874212,
        -0.485544
    ],
    "ImageOrientationText": "Tra>Cor(-29.0)>Sag(0.7)",
    "InPlanePhaseEncodingDirectionDICOM": "COL",
    "ConversionSoftware": "dcm2niix",
    "ConversionSoftwareVersion": "v1.0.20211006",
    "Dcm2bidsVersion": "2.1.6"
}