{
    "Modality": "MR",
    "MagneticFieldStrength": 6.98,
    "ImagingFrequency": 297.202,
    "Manufacturer": "Siemens",
    "ManufacturersModelName": "Investigational_Device_7T",
    "InstitutionName": "Center for Information and Neural Networks",
    "InstitutionalDepartmentName": "Department",
    "InstitutionAddress": "Street StreetNo,Osaka,Osaka,JP,ZIP",
    "DeviceSerialNumber": "18972",
    "StationName": "MEDPC",
    "PatientPosition": "HFS",
    "ProcedureStepDescription": "NICT=Kida^proj_7T",
    "SoftwareVersions": "syngo MR B17",
    "MRAcquisitionType": "2D",
    "SeriesDescription": "m1p4_1p0iso_ap_tr2p5s_te21",
    "ProtocolName": "m1p4_1p0iso_ap_tr2p5s_te21",
    "ScanningSequence": "EP",
    "SequenceVariant": "SK\\SS",
    "ScanOptions": "PFP\\FS",
    "SequenceName": "epfid2d1_204",
    "ImageType": [
        "ORIGINAL",
        "PRIMARY",
        "M",
        "ND",
        "MOSAIC"
    ],
    "SeriesNumber": 7,
    "AcquisitionTime": "13:34:56.370000",
    "AcquisitionNumber": 1,
    "SliceThickness": 1,
    "SpacingBetweenSlices": 1,
    "SAR": 0.0502248,
    "EchoTime": 0.021,
    "RepetitionTime": 2.5,
    "FlipAngle": 70,
    "PartialFourier": 0.75,
    "BaseResolution": 204,
    "ShimSetting": [
        -23,
        241,
        637,
        1473,
        -15,
        -878,
        1511,
        201
    ],
    "TxRefAmp": 181.662,
    "PhaseResolution": 1,
    "ReceiveCoilName": "32Ch_Head_7T",
    "CoilString": "C:A32",
    "PulseSequenceDetails": "%CustomerSeq%\\cmrr_mbep2d_bold",
    "RefLinesPE": 80,
    "CoilCombinationMethod": "Sum of Squares",
    "MatrixCoilMode": "GRAPPA",
    "PercentPhaseFOV": 100,
    "PercentSampling": 100,
    "PhaseEncodingSteps": 152,
    "AcquisitionMatrixPE": 204,
    "ReconMatrixPE": 204,
    "BandwidthPerPixelPhaseEncode": 19.608,
    "ParallelReductionFactorInPlane": 4,
    "EffectiveEchoSpacing": 0.000249998,
    "DerivedVendorReportedEchoSpacing": 0.000999992,
    "TotalReadoutTime": 0.0507496,
    "PixelBandwidth": 1362,
    "DwellTime": 1.8e-06,
    "PhaseEncodingDirection": "j-",
    "SliceTiming": [
        1.255,
        0,
        1.3375,
        0.0825,
        1.4225,
        0.1675,
        1.505,
        0.25,
        1.59,
        0.335,
        1.6725,
        0.4175,
        1.755,
        0.5025,
        1.84,
        0.585,
        1.9225,
        0.6675,
        2.0075,
        0.7525,
        2.09,
        0.835,
        2.175,
        0.92,
        2.2575,
        1.0025,
        2.3425,
        1.0875,
        2.425,
        1.17
    ],
    "ImageOrientationPatientDICOM": [
        0.999002,
        0.0429508,
        -0.0122793,
        -0.0436173,
        0.878484,
        -0.475776
    ],
    "ImageOrientationText": "Tra>Cor(-28.4)>Sag(0.6)",
    "InPlanePhaseEncodingDirectionDICOM": "COL",
    "ConversionSoftware": "dcm2niix",
    "ConversionSoftwareVersion": "v1.0.20211006",
    "Dcm2bidsVersion": "2.1.6",
    "TaskName": "odor"
}