{
    "Modality": "MR",
    "MagneticFieldStrength": 6.98,
    "ImagingFrequency": 297.202,
    "Manufacturer": "Siemens",
    "ManufacturersModelName": "Investigational_Device_7T",
    "InstitutionName": "Center for Information and Neural Networks",
    "InstitutionalDepartmentName": "Department",
    "InstitutionAddress": "Street StreetNo,Osaka,Osaka,JP,ZIP",
    "DeviceSerialNumber": "18972",
    "StationName": "MEDPC",
    "PatientPosition": "HFS",
    "ProcedureStepDescription": "NICT=Kida^proj_7T",
    "SoftwareVersions": "syngo MR B17",
    "MRAcquisitionType": "2D",
    "SeriesDescription": "tse",
    "ProtocolName": "T2w",
    "ScanningSequence": "SE",
    "SequenceVariant": "SK\\SP",
    "SequenceName": "*tse2d1rr9",
    "ImageType": [
        "ORIGINAL",
        "PRIMARY",
        "M",
        "ND"
    ],
    "SeriesNumber": 21,
    "AcquisitionTime": "11:28:21.712500",
    "AcquisitionNumber": 1,
    "SliceThickness": 1,
    "SpacingBetweenSlices": 2,
    "SAR": 0.146566,
    "EchoTime": 0.044,
    "RepetitionTime": 5.65,
    "SpoilingState": true,
    "FlipAngle": 120,
    "PartialFourier": 1,
    "BaseResolution": 320,
    "ShimSetting": [
        -86,
        111,
        743,
        1159,
        167,
        -285,
        689,
        254
    ],
    "TxRefAmp": 173.974,
    "PhaseResolution": 1,
    "ReceiveCoilName": "32Ch_Head_7T",
    "CoilString": "C:A32",
    "PulseSequenceDetails": "%SiemensSeq%\\tse",
    "RefLinesPE": 39,
    "CoilCombinationMethod": "Adaptive Combine",
    "MatrixCoilMode": "GRAPPA",
    "PercentPhaseFOV": 100,
    "PercentSampling": 100,
    "EchoTrainLength": 9,
    "PhaseEncodingSteps": 319,
    "AcquisitionMatrixPE": 320,
    "ReconMatrixPE": 320,
    "ParallelReductionFactorInPlane": 2,
    "PixelBandwidth": 521,
    "DwellTime": 3e-06,
    "PhaseEncodingDirection": "j-",
    "SliceTiming": [
        2.83594,
        0,
        3.07812,
        0.23438,
        3.3125,
        0.47656,
        3.54688,
        0.71094,
        3.78125,
        0.94531,
        4.02344,
        1.17969,
        4.25781,
        1.42188,
        4.49219,
        1.65625,
        4.72656,
        1.89062,
        4.96875,
        2.13281,
        5.20312,
        2.36719,
        5.4375,
        2.60156
    ],
    "ImageOrientationPatientDICOM": [
        0.998993,
        0.0161864,
        -0.0418539,
        -0.0348855,
        0.866792,
        -0.497448
    ],
    "ImageOrientationText": "Tra>Cor(-29.9)>Sag(-1.6)",
    "InPlanePhaseEncodingDirectionDICOM": "COL",
    "ConversionSoftware": "dcm2niix",
    "ConversionSoftwareVersion": "v1.0.20211006",
    "Dcm2bidsVersion": "2.1.6"
}