{
    "Modality": "MR",
    "MagneticFieldStrength": 6.98,
    "ImagingFrequency": 297.202,
    "Manufacturer": "Siemens",
    "ManufacturersModelName": "Investigational_Device_7T",
    "InstitutionName": "Center for Information and Neural Networks",
    "InstitutionalDepartmentName": "Department",
    "InstitutionAddress": "Street StreetNo,Osaka,Osaka,JP,ZIP",
    "DeviceSerialNumber": "18972",
    "StationName": "MEDPC",
    "PatientPosition": "HFS",
    "ProcedureStepDescription": "NICT=Kida^proj_7T",
    "SoftwareVersions": "syngo MR B17",
    "MRAcquisitionType": "2D",
    "SeriesDescription": "m1p4_1p0iso_ap_tr2p5s_te21",
    "ProtocolName": "m1p4_1p0iso_ap_tr2p5s_te21",
    "ScanningSequence": "EP",
    "SequenceVariant": "SK\\SS",
    "ScanOptions": "PFP\\FS",
    "SequenceName": "epfid2d1_204",
    "ImageType": [
        "ORIGINAL",
        "PRIMARY",
        "M",
        "ND",
        "MOSAIC"
    ],
    "SeriesNumber": 8,
    "AcquisitionTime": "16:05:55.022500",
    "AcquisitionNumber": 1,
    "SliceThickness": 1,
    "SpacingBetweenSlices": 1,
    "SAR": 0.0533186,
    "EchoTime": 0.021,
    "RepetitionTime": 2.5,
    "FlipAngle": 70,
    "PartialFourier": 0.75,
    "BaseResolution": 204,
    "ShimSetting": [
        90,
        320,
        646,
        1564,
        225,
        -143,
        1456,
        127
    ],
    "TxRefAmp": 193.38,
    "PhaseResolution": 1,
    "ReceiveCoilName": "32Ch_Head_7T",
    "CoilString": "C:A32",
    "PulseSequenceDetails": "%CustomerSeq%\\cmrr_mbep2d_bold",
    "RefLinesPE": 80,
    "CoilCombinationMethod": "Sum of Squares",
    "MatrixCoilMode": "GRAPPA",
    "PercentPhaseFOV": 100,
    "PercentSampling": 100,
    "PhaseEncodingSteps": 152,
    "AcquisitionMatrixPE": 204,
    "ReconMatrixPE": 204,
    "BandwidthPerPixelPhaseEncode": 19.608,
    "ParallelReductionFactorInPlane": 4,
    "EffectiveEchoSpacing": 0.000249998,
    "DerivedVendorReportedEchoSpacing": 0.000999992,
    "TotalReadoutTime": 0.0507496,
    "PixelBandwidth": 1362,
    "DwellTime": 1.8e-06,
    "PhaseEncodingDirection": "j-",
    "SliceTiming": [
        1.255,
        0,
        1.3375,
        0.0825,
        1.4225,
        0.1675,
        1.505,
        0.25,
        1.59,
        0.335,
        1.6725,
        0.4175,
        1.7575,
        0.5025,
        1.84,
        0.585,
        1.9225,
        0.67,
        2.0075,
        0.7525,
        2.09,
        0.835,
        2.175,
        0.92,
        2.2575,
        1.0025,
        2.3425,
        1.0875,
        2.425,
        1.17
    ],
    "ImageOrientationPatientDICOM": [
        0.999008,
        0.0243784,
        0.0372654,
        5.34425e-09,
        0.83684,
        -0.547447
    ],
    "ImageOrientationText": "Tra>Cor(-33.2)>Sag(2.6)",
    "InPlanePhaseEncodingDirectionDICOM": "COL",
    "ConversionSoftware": "dcm2niix",
    "ConversionSoftwareVersion": "v1.0.20211006",
    "Dcm2bidsVersion": "2.1.6",
    "TaskName": "odor"
}