{
    "Modality": "MR",
    "MagneticFieldStrength": 6.98,
    "ImagingFrequency": 297.202,
    "Manufacturer": "Siemens",
    "ManufacturersModelName": "Investigational_Device_7T",
    "InstitutionName": "Center for Information and Neural Networks",
    "InstitutionalDepartmentName": "Department",
    "InstitutionAddress": "Street StreetNo,Osaka,Osaka,JP,ZIP",
    "DeviceSerialNumber": "18972",
    "StationName": "MEDPC",
    "PatientPosition": "HFS",
    "ProcedureStepDescription": "NICT=Kida^proj_7T",
    "SoftwareVersions": "syngo MR B17",
    "MRAcquisitionType": "3D",
    "SeriesDescription": "mp2rage_UNI-DEN",
    "ProtocolName": "T1w",
    "ScanningSequence": "GR\\IR",
    "SequenceVariant": "SP\\MP",
    "ScanOptions": "IR\\PFP\\WE",
    "SequenceName": "tfl3d1_ns",
    "ImageType": [
        "ORIGINAL",
        "PRIMARY",
        "M",
        "ND",
        "UNI"
    ],
    "SeriesNumber": 17,
    "AcquisitionTime": "16:19:22.300000",
    "AcquisitionNumber": 1,
    "ImageComments": "DENOISED IMAGE (lambda = 150)",
    "SliceThickness": 0.7,
    "SAR": 0.0509215,
    "EchoTime": 0.00343,
    "RepetitionTime": 5,
    "PartialFourier": 0.75,
    "BaseResolution": 300,
    "ShimSetting": [
        3,
        80,
        30,
        24,
        28,
        -20,
        -83,
        9
    ],
    "TxRefAmp": 171.837,
    "PhaseResolution": 1,
    "ReceiveCoilName": "32Ch_Head_7T",
    "CoilString": "C:A32",
    "PulseSequenceDetails": "%CustomerSeq%\\tfl_wip944_b17stx",
    "RefLinesPE": 24,
    "CoilCombinationMethod": "Adaptive Combine",
    "MatrixCoilMode": "GRAPPA",
    "PercentPhaseFOV": 100,
    "PercentSampling": 100,
    "PhaseEncodingSteps": 226,
    "AcquisitionMatrixPE": 300,
    "ReconMatrixPE": 300,
    "ParallelReductionFactorInPlane": 3,
    "PixelBandwidth": 245,
    "DwellTime": 6.8e-06,
    "ImageOrientationPatientDICOM": [
        -0.0296942,
        0.996057,
        -0.0835984,
        -0.0412249,
        -0.0847845,
        -0.995546
    ],
    "ImageOrientationText": "Sag>Tra(2.5)>Cor(-1.5)",
    "InPlanePhaseEncodingDirectionDICOM": "ROW",
    "ConversionSoftware": "dcm2niix",
    "ConversionSoftwareVersion": "v1.0.20211006",
    "Dcm2bidsVersion": "2.1.6"
}