{
    "Modality": "MR",
    "MagneticFieldStrength": 6.98,
    "ImagingFrequency": 297.202,
    "Manufacturer": "Siemens",
    "ManufacturersModelName": "Investigational_Device_7T",
    "InstitutionName": "Center for Information and Neural Networks",
    "InstitutionalDepartmentName": "Department",
    "InstitutionAddress": "Street StreetNo,Osaka,Osaka,JP,ZIP",
    "DeviceSerialNumber": "18972",
    "StationName": "MEDPC",
    "PatientPosition": "HFS",
    "ProcedureStepDescription": "NICT=Kida^proj_7T",
    "SoftwareVersions": "syngo MR B17",
    "MRAcquisitionType": "2D",
    "SeriesDescription": "tse",
    "ProtocolName": "T2w",
    "ScanningSequence": "SE",
    "SequenceVariant": "SK\\SP",
    "SequenceName": "*tse2d1rr9",
    "ImageType": [
        "ORIGINAL",
        "PRIMARY",
        "M",
        "ND"
    ],
    "SeriesNumber": 20,
    "AcquisitionTime": "16:37:0.797500",
    "AcquisitionNumber": 1,
    "SliceThickness": 1,
    "SpacingBetweenSlices": 2,
    "SAR": 0.171003,
    "EchoTime": 0.044,
    "RepetitionTime": 5.65,
    "SpoilingState": true,
    "FlipAngle": 120,
    "PartialFourier": 1,
    "BaseResolution": 320,
    "ShimSetting": [
        -47,
        29,
        789,
        437,
        29,
        -232,
        1071,
        289
    ],
    "TxRefAmp": 166.982,
    "PhaseResolution": 1,
    "ReceiveCoilName": "32Ch_Head_7T",
    "CoilString": "C:A32",
    "PulseSequenceDetails": "%SiemensSeq%\\tse",
    "RefLinesPE": 39,
    "CoilCombinationMethod": "Adaptive Combine",
    "MatrixCoilMode": "GRAPPA",
    "PercentPhaseFOV": 100,
    "PercentSampling": 100,
    "EchoTrainLength": 9,
    "PhaseEncodingSteps": 319,
    "AcquisitionMatrixPE": 320,
    "ReconMatrixPE": 320,
    "ParallelReductionFactorInPlane": 2,
    "PixelBandwidth": 521,
    "DwellTime": 3e-06,
    "PhaseEncodingDirection": "j-",
    "SliceTiming": [
        2.84375,
        0,
        3.07812,
        0.25,
        3.3125,
        0.48438,
        3.54688,
        0.71875,
        3.79688,
        0.95312,
        4.03125,
        1.1875,
        4.26562,
        1.42188,
        4.5,
        1.65625,
        4.73438,
        1.90625,
        4.96875,
        2.14062,
        5.20312,
        2.375,
        5.4375,
        2.60938
    ],
    "ImageOrientationPatientDICOM": [
        1,
        0,
        0,
        0,
        0.848048,
        -0.529919
    ],
    "ImageOrientationText": "Tra>Cor(-32.0)",
    "InPlanePhaseEncodingDirectionDICOM": "COL",
    "ConversionSoftware": "dcm2niix",
    "ConversionSoftwareVersion": "v1.0.20211006",
    "Dcm2bidsVersion": "2.1.6"
}