{
  "Modality": "MR",
  "MagneticFieldStrength": 6.98,
  "ImagingFrequency": 297.202,
  "Manufacturer": "Siemens",
  "ManufacturersModelName": "Investigational_Device_7T",
  "InstitutionName": "Center for Information and Neural Networks",
  "InstitutionalDepartmentName": "Department",
  "InstitutionAddress": "Street StreetNo,Osaka,Osaka,JP,ZIP",
  "DeviceSerialNumber": "18972",
  "StationName": "MEDPC",
  "PatientPosition": "HFS",
  "ProcedureStepDescription": "NICT=Kida^proj_7T",
  "SoftwareVersions": "syngo MR B17",
  "MRAcquisitionType": "2D",
  "SeriesDescription": "m1p4_1p0iso_ap_tr2p5s_te21",
  "ProtocolName": "m1p4_1p0iso_ap_tr2p5s_te21",
  "ScanningSequence": "EP",
  "SequenceVariant": "SK\\SS",
  "ScanOptions": "PFP\\FS",
  "SequenceName": "epfid2d1_204",
  "ImageType": [
    "ORIGINAL",
    "PRIMARY",
    "M",
    "ND",
    "MOSAIC"
  ],
  "SeriesNumber": 5,
  "AcquisitionTime": "10:51:28.692500",
  "AcquisitionNumber": 1,
  "SliceThickness": 1,
  "SpacingBetweenSlices": 1,
  "SAR": 0.0481294,
  "EchoTime": 0.021,
  "RepetitionTime": 2.5,
  "FlipAngle": 70,
  "PartialFourier": 0.75,
  "BaseResolution": 204,
  "ShimSetting": [
    -18,
    267,
    831,
    1179,
    -4,
    -840,
    1493,
    328
  ],
  "TxRefAmp": 189.418,
  "PhaseResolution": 1,
  "ReceiveCoilName": "32Ch_Head_7T",
  "CoilString": "C:A32",
  "PulseSequenceDetails": "%CustomerSeq%\\cmrr_mbep2d_bold",
  "RefLinesPE": 80,
  "CoilCombinationMethod": "Sum of Squares",
  "MatrixCoilMode": "GRAPPA",
  "PercentPhaseFOV": 100,
  "PercentSampling": 100,
  "PhaseEncodingSteps": 152,
  "AcquisitionMatrixPE": 204,
  "ReconMatrixPE": 204,
  "BandwidthPerPixelPhaseEncode": 19.608,
  "ParallelReductionFactorInPlane": 4,
  "EffectiveEchoSpacing": 0.000249998,
  "DerivedVendorReportedEchoSpacing": 0.000999992,
  "TotalReadoutTime": 0.0507496,
  "PixelBandwidth": 1362,
  "DwellTime": 1.8e-06,
  "PhaseEncodingDirection": "j-",
  "SliceTiming": [
    1.255,
    0,
    1.34,
    0.085,
    1.4225,
    0.1675,
    1.5075,
    0.2525,
    1.59,
    0.335,
    1.675,
    0.42,
    1.7575,
    0.5025,
    1.84,
    0.5875,
    1.925,
    0.67,
    2.0075,
    0.7525,
    2.0925,
    0.8375,
    2.175,
    0.92,
    2.26,
    1.005,
    2.3425,
    1.0875,
    2.4275,
    1.1725
  ],
  "ImageOrientationPatientDICOM": [
    0.999701,
    -0.0129471,
    -0.0207197,
    -2.45056e-08,
    0.848048,
    -0.529919
  ],
  "ImageOrientationText": "Tra>Cor(-32.0)>Sag(-1.4)",
  "InPlanePhaseEncodingDirectionDICOM": "COL",
  "ConversionSoftware": "dcm2niix",
  "ConversionSoftwareVersion": "v1.0.20211006",
  "Dcm2bidsVersion": "2.1.6",
  "TaskName": "odor",
  "IntendedFor": [
    "func/sub-27_task-odor_run-01_bold.nii.gz",
    "func/sub-27_task-odor_run-02_bold.nii.gz",
    "func/sub-27_task-odor_run-03_bold.nii.gz",
    "func/sub-27_task-odor_run-04_bold.nii.gz"
  ]
}
