{
    "Modality": "MR",
    "MagneticFieldStrength": 6.98,
    "ImagingFrequency": 297.202,
    "Manufacturer": "Siemens",
    "ManufacturersModelName": "Investigational_Device_7T",
    "InstitutionName": "Center for Information and Neural Networks",
    "InstitutionalDepartmentName": "Department",
    "InstitutionAddress": "Street StreetNo,Osaka,Osaka,JP,ZIP",
    "DeviceSerialNumber": "18972",
    "StationName": "MEDPC",
    "PatientPosition": "HFS",
    "ProcedureStepDescription": "NICT=Kida^proj_7T",
    "SoftwareVersions": "syngo MR B17",
    "MRAcquisitionType": "2D",
    "SeriesDescription": "tse",
    "ProtocolName": "T2w",
    "ScanningSequence": "SE",
    "SequenceVariant": "SK\\SP",
    "SequenceName": "*tse2d1rr9",
    "ImageType": [
        "ORIGINAL",
        "PRIMARY",
        "M",
        "ND"
    ],
    "SeriesNumber": 20,
    "AcquisitionTime": "11:30:44.655000",
    "AcquisitionNumber": 1,
    "SliceThickness": 1,
    "SpacingBetweenSlices": 2,
    "SAR": 0.147059,
    "EchoTime": 0.044,
    "RepetitionTime": 5.65,
    "SpoilingState": true,
    "FlipAngle": 120,
    "PartialFourier": 1,
    "BaseResolution": 320,
    "ShimSetting": [
        12,
        48,
        792,
        747,
        67,
        83,
        1188,
        170
    ],
    "TxRefAmp": 190.728,
    "PhaseResolution": 1,
    "ReceiveCoilName": "32Ch_Head_7T",
    "CoilString": "C:A32",
    "PulseSequenceDetails": "%SiemensSeq%\\tse",
    "RefLinesPE": 39,
    "CoilCombinationMethod": "Adaptive Combine",
    "MatrixCoilMode": "GRAPPA",
    "PercentPhaseFOV": 100,
    "PercentSampling": 100,
    "EchoTrainLength": 9,
    "PhaseEncodingSteps": 319,
    "AcquisitionMatrixPE": 320,
    "ReconMatrixPE": 320,
    "ParallelReductionFactorInPlane": 2,
    "PixelBandwidth": 521,
    "DwellTime": 3e-06,
    "PhaseEncodingDirection": "j-",
    "SliceTiming": [
        2.83594,
        0,
        3.02344,
        0.1875,
        3.21094,
        0.375,
        3.39844,
        0.5625,
        3.58594,
        0.75781,
        3.78125,
        0.94531,
        3.96875,
        1.13281,
        4.15625,
        1.32031,
        4.34375,
        1.50781,
        4.53906,
        1.70312,
        4.72656,
        1.89062,
        4.91406,
        2.07812,
        5.10156,
        2.26562,
        5.28906,
        2.46094,
        5.48438,
        2.64844
    ],
    "ImageOrientationPatientDICOM": [
        0.999781,
        0.0111597,
        0.0177213,
        3.80961e-08,
        0.846193,
        -0.532876
    ],
    "ImageOrientationText": "Tra>Cor(-32.2)>Sag(1.2)",
    "InPlanePhaseEncodingDirectionDICOM": "COL",
    "ConversionSoftware": "dcm2niix",
    "ConversionSoftwareVersion": "v1.0.20211006",
    "Dcm2bidsVersion": "2.1.6"
}