{
    "Modality": "MR",
    "MagneticFieldStrength": 6.98,
    "ImagingFrequency": 297.202,
    "Manufacturer": "Siemens",
    "ManufacturersModelName": "Investigational_Device_7T",
    "InstitutionName": "Center for Information and Neural Networks",
    "InstitutionalDepartmentName": "Department",
    "InstitutionAddress": "Street StreetNo,Osaka,Osaka,JP,ZIP",
    "DeviceSerialNumber": "18972",
    "StationName": "MEDPC",
    "PatientPosition": "HFS",
    "ProcedureStepDescription": "NICT=Kida^proj_7T",
    "SoftwareVersions": "syngo MR B17",
    "MRAcquisitionType": "2D",
    "SeriesDescription": "tse",
    "ProtocolName": "T2w",
    "ScanningSequence": "SE",
    "SequenceVariant": "SK\\SP",
    "SequenceName": "*tse2d1rr9",
    "ImageType": [
        "ORIGINAL",
        "PRIMARY",
        "M",
        "ND"
    ],
    "SeriesNumber": 21,
    "AcquisitionTime": "11:28:42.075000",
    "AcquisitionNumber": 1,
    "SliceThickness": 1,
    "SpacingBetweenSlices": 2,
    "SAR": 0.136817,
    "EchoTime": 0.044,
    "RepetitionTime": 5.65,
    "SpoilingState": true,
    "FlipAngle": 120,
    "PartialFourier": 1,
    "BaseResolution": 320,
    "ShimSetting": [
        44,
        -98,
        757,
        1051,
        200,
        -10,
        1371,
        301
    ],
    "TxRefAmp": 167.879,
    "PhaseResolution": 1,
    "ReceiveCoilName": "32Ch_Head_7T",
    "CoilString": "C:A32",
    "PulseSequenceDetails": "%SiemensSeq%\\tse",
    "RefLinesPE": 39,
    "CoilCombinationMethod": "Adaptive Combine",
    "MatrixCoilMode": "GRAPPA",
    "PercentPhaseFOV": 100,
    "PercentSampling": 100,
    "EchoTrainLength": 9,
    "PhaseEncodingSteps": 319,
    "AcquisitionMatrixPE": 320,
    "ReconMatrixPE": 320,
    "ParallelReductionFactorInPlane": 2,
    "PixelBandwidth": 521,
    "DwellTime": 3e-06,
    "PhaseEncodingDirection": "j-",
    "SliceTiming": [
        2.84375,
        0,
        3.07812,
        0.24219,
        3.3125,
        0.47656,
        3.54688,
        0.71094,
        3.78906,
        0.95312,
        4.02344,
        1.1875,
        4.25781,
        1.42188,
        4.49219,
        1.65625,
        4.73438,
        1.89844,
        4.96875,
        2.13281,
        5.20312,
        2.36719,
        5.4375,
        2.60156
    ],
    "ImageOrientationPatientDICOM": [
        0.999997,
        0.00130896,
        0.00226726,
        2.89643e-08,
        0.866027,
        -0.499997
    ],
    "ImageOrientationText": "Tra>Cor(-30.0)>Sag(0.1)",
    "InPlanePhaseEncodingDirectionDICOM": "COL",
    "ConversionSoftware": "dcm2niix",
    "ConversionSoftwareVersion": "v1.0.20211006",
    "Dcm2bidsVersion": "2.1.6"
}